PATH
  remote: .
  specs:
    disquo (0.3.3)
      concurrent-ruby
      connection_pool
      disque

GEM
  remote: https://rubygems.org/
  specs:
    activejob (5.2.2)
      activesupport (= 5.2.2)
      globalid (>= 0.3.6)
    activesupport (5.2.2)
      concurrent-ruby (~> 1.0, >= 1.0.2)
      i18n (>= 0.7, < 2)
      minitest (~> 5.1)
      tzinfo (~> 1.1)
    concurrent-ruby (1.1.3)
    connection_pool (2.2.2)
    diff-lcs (1.3)
    disque (0.0.6)
      redic (~> 1.5.0)
    globalid (0.4.1)
      activesupport (>= 4.2.0)
    hiredis (0.6.3)
    i18n (1.2.0)
      concurrent-ruby (~> 1.0)
    minitest (5.11.3)
    rake (12.3.2)
    redic (1.5.0)
      hiredis
    rspec (3.8.0)
      rspec-core (~> 3.8.0)
      rspec-expectations (~> 3.8.0)
      rspec-mocks (~> 3.8.0)
    rspec-core (3.8.0)
      rspec-support (~> 3.8.0)
    rspec-expectations (3.8.2)
      diff-lcs (>= 1.2.0, < 2.0)
      rspec-support (~> 3.8.0)
    rspec-mocks (3.8.0)
      diff-lcs (>= 1.2.0, < 2.0)
      rspec-support (~> 3.8.0)
    rspec-support (3.8.0)
    thread_safe (0.3.6)
    tzinfo (1.2.5)
      thread_safe (~> 0.1)

PLATFORMS
  ruby

DEPENDENCIES
  activejob
  disquo!
  rake
  rspec

BUNDLED WITH
   1.16.4
